GEM
  remote: http://rubygems.org/
  specs:
    allure-rspec (0.8.0)
      allure-ruby-adaptor-api (= 0.7.0)
      rspec (~> 3.5)
    allure-ruby-adaptor-api (0.7.0)
      mimemagic
      nokogiri (~> 1.7)
      uuid
    appium_console (1.0.4)
      appium_lib (>= 1.0.0)
      bond (~> 0.5.1)
      pry (~> 0.10.1)
      spec (>= 5.3.4)
    appium_lib (9.7.1)
      awesome_print (~> 1.8)
      json (>= 1.8)
      nokogiri (~> 1.6, >= 1.6.6)
      selenium-webdriver (~> 3.4, >= 3.4.1)
      tomlrb (~> 1.1)
    awesome_print (1.8.0)
    bond (0.5.1)
    childprocess (0.8.0)
      ffi (~> 1.0, >= 1.0.11)
    chronic_duration (0.10.6)
      numerizer (~> 0.1.1)
    coderay (1.1.2)
    diff-lcs (1.3)
    ffi (1.9.18)
    json (2.1.0)
    macaddr (1.7.1)
      systemu (~> 2.6.2)
    method_source (0.8.2)
    mimemagic (0.3.2)
    mini_portile2 (2.3.0)
    nokogiri (1.8.1)
      mini_portile2 (~> 2.3.0)
    numerizer (0.1.1)
    os (1.0.0)
    pry (0.10.4)
      coderay (~> 1.1.0)
      method_source (~> 0.8.1)
      slop (~> 3.4)
    rspec (3.6.0)
      rspec-core (~> 3.6.0)
      rspec-expectations (~> 3.6.0)
      rspec-mocks (~> 3.6.0)
    rspec-core (3.6.0)
      rspec-support (~> 3.6.0)
    rspec-expectations (3.6.0)
      diff-lcs (>= 1.2.0, < 2.0)
      rspec-support (~> 3.6.0)
    rspec-mocks (3.6.0)
      diff-lcs (>= 1.2.0, < 2.0)
      rspec-support (~> 3.6.0)
    rspec-support (3.6.0)
    rubyzip (1.2.1)
    selenium-webdriver (3.6.0)
      childprocess (~> 0.5)
      rubyzip (~> 1.0)
    slop (3.6.0)
    spec (5.3.4)
      chronic_duration (~> 0.10.2)
    systemu (2.6.5)
    tomlrb (1.2.5)
    uuid (2.3.8)
      macaddr (~> 1.0)

PLATFORMS
  ruby

DEPENDENCIES
  allure-rspec
  appium_console (= 1.0.4)
  appium_lib
  os
  rspec

BUNDLED WITH
   1.15.4
